GEM
  remote: https://rubygems.org/
  specs:
    mysql2 (0.3.17)

PLATFORMS
  ruby

DEPENDENCIES
  mysql2
